GEM
  remote: https://rubygems.org/
  specs:
    apache-loggen (0.0.4)
      json
    json (1.8.3)

PLATFORMS
  ruby

DEPENDENCIES
  apache-loggen

BUNDLED WITH
   1.12.5
